GEM
  remote: https://rubygems.org/
  specs:
    awesome_print (1.2.0)
    columnize (0.8.9)
    debugger (1.6.8)
      columnize (>= 0.3.1)
      debugger-linecache (~> 1.2.0)
      debugger-ruby_core_source (~> 1.3.5)
    debugger-linecache (1.2.0)
    debugger-ruby_core_source (1.3.5)
    httpclient (2.3.4.1)
    rainbow (2.0.0)

PLATFORMS
  ruby

DEPENDENCIES
  awesome_print
  debugger
  httpclient
  rainbow
